PATH
  remote: .
  specs:
    boy-scout-rule (0.0.1)

GEM
  remote: https://rubygems.org/
  specs:
    rake (10.5.0)

PLATFORMS
  ruby

DEPENDENCIES
  boy-scout-rule!
  bundler (~> 1.7)
  rake (~> 10.0)
